GEM
  remote: http://rubygems.org/
  specs:
    diff-lcs (1.1.3)
    fuubar (1.0.0)
      rspec (~> 2.0)
      rspec-instafail (~> 0.2.0)
      ruby-progressbar (~> 0.0.10)
    rspec (2.8.0)
      rspec-core (~> 2.8.0)
      rspec-expectations (~> 2.8.0)
      rspec-mocks (~> 2.8.0)
    rspec-core (2.8.0)
    rspec-expectations (2.8.0)
      diff-lcs (~> 1.1.2)
    rspec-instafail (0.2.2)
    rspec-mocks (2.8.0)
    ruby-progressbar (0.0.10)

PLATFORMS
  ruby

DEPENDENCIES
  fuubar
  rspec (~> 2.8)
